GEM
  remote: https://rubygems.org/
  specs:
    rack (1.6.0)
    rack-protection (1.5.3)
      rack
    rake (10.4.2)
    rspec-core (2.13.1)
    sinatra (1.4.5)
      rack (~> 1.4)
      rack-protection (~> 1.4)
      tilt (~> 1.3, >= 1.3.4)
    tilt (1.4.1)

PLATFORMS
  ruby

DEPENDENCIES
  rake
  rspec-core
  sinatra
